PATH
  remote: .
  specs:
    orchard (0.1a)
      activesupport
      colorize
      github_api
      highline
      hipchat-api
      httparty
      thor

GEM
  remote: http://rubygems.org/
  specs:
    activesupport (4.0.0)
      i18n (~> 0.6, >= 0.6.4)
      minitest (~> 4.2)
      multi_json (~> 1.3)
      thread_safe (~> 0.1)
      tzinfo (~> 0.3.37)
    atomic (1.1.14)
    colorize (0.6.0)
    faraday (0.8.8)
      multipart-post (~> 1.2.0)
    github_api (0.9.7)
      faraday (~> 0.8.1)
    highline (1.6.19)
    hipchat-api (1.0.5)
      httparty
    httparty (0.11.0)
      multi_json (~> 1.0)
      multi_xml (>= 0.5.2)
    i18n (0.6.5)
    minitest (4.7.5)
    multi_json (1.8.0)
    multi_xml (0.5.3)
    multipart-post (1.2.0)
    thor (0.18.1)
    thread_safe (0.1.3)
      atomic
    tzinfo (0.3.37)

PLATFORMS
  ruby

DEPENDENCIES
  orchard!
