PATH
  remote: .
  specs:
    orchard (0.1a)
      colorize
      github_api
      highline
      hipchat-api
      httparty
      thor

GEM
  remote: http://rubygems.org/
  specs:
    colorize (0.6.0)
    faraday (0.8.7)
      multipart-post (~> 1.1)
    github_api (0.9.7)
      faraday (~> 0.8.1)
      hashie (>= 1.2)
      multi_json (~> 1.4)
      nokogiri (~> 1.5.2)
      oauth2
    hashie (2.0.5)
    highline (1.6.19)
    hipchat-api (1.0.5)
      httparty
    httparty (0.11.0)
      multi_json (~> 1.0)
      multi_xml (>= 0.5.2)
    httpauth (0.2.0)
    jwt (0.1.8)
      multi_json (>= 1.5)
    multi_json (1.8.0)
    multi_xml (0.5.3)
    multipart-post (1.2.0)
    nokogiri (1.5.10)
    oauth2 (0.8.1)
      faraday (~> 0.8)
      httpauth (~> 0.1)
      jwt (~> 0.1.4)
      multi_json (~> 1.0)
      rack (~> 1.2)
    rack (1.5.2)
    thor (0.18.1)

PLATFORMS
  ruby

DEPENDENCIES
  orchard!
