PATH
  remote: .
  specs:
    orchard (0.1.2a)
      colorize
      dnsruby
      github_api
      heroku
      heroku-api
      highline
      hipchat-api
      httparty
      httpclient
      thor
      whois

GEM
  remote: http://rubygems.org/
  specs:
    addressable (2.3.5)
    colorize (0.6.0)
    dnsruby (1.53)
    excon (0.25.3)
    faraday (0.8.8)
      multipart-post (~> 1.2.0)
    github_api (0.10.2)
      addressable
      faraday (~> 0.8.7)
      hashie (>= 1.2)
      multi_json (~> 1.4)
      nokogiri (~> 1.6.0)
      oauth2
    hashie (2.0.5)
    heroku (2.33.5)
      heroku-api (~> 0.3.7)
      launchy (>= 0.3.2)
      netrc (~> 0.7.7)
      rest-client (~> 1.6.1)
      rubyzip
    heroku-api (0.3.15)
      excon (~> 0.25.1)
    highline (1.6.19)
    hipchat-api (1.0.5)
      httparty
    httparty (0.11.0)
      multi_json (~> 1.0)
      multi_xml (>= 0.5.2)
    httpauth (0.2.0)
    httpclient (2.3.3)
    jwt (0.1.8)
      multi_json (>= 1.5)
    launchy (2.3.0)
      addressable (~> 2.3)
    mime-types (1.25)
    mini_portile (0.5.1)
    multi_json (1.8.1)
    multi_xml (0.5.5)
    multipart-post (1.2.0)
    netrc (0.7.7)
    nokogiri (1.6.0)
      mini_portile (~> 0.5.0)
    oauth2 (0.9.2)
      faraday (~> 0.8)
      httpauth (~> 0.2)
      jwt (~> 0.1.4)
      multi_json (~> 1.0)
      multi_xml (~> 0.5)
      rack (~> 1.2)
    rack (1.5.2)
    rest-client (1.6.7)
      mime-types (>= 1.16)
    rubyzip (0.9.9)
    thor (0.18.1)
    whois (3.3.1)

PLATFORMS
  ruby

DEPENDENCIES
  orchard!
