PATH
  remote: ..
  specs:
    orchard (0.1a)
      colorize
      github_api
      highline
      hipchat-api
      httparty
      thor

GEM
  remote: https://rubygems.org/
  specs:
    activesupport (4.0.0)
      i18n (~> 0.6, >= 0.6.4)
      minitest (~> 4.2)
      multi_json (~> 1.3)
      thread_safe (~> 0.1)
      tzinfo (~> 0.3.37)
    addressable (2.3.5)
    atomic (1.1.14)
    climate_control (0.0.3)
      activesupport (>= 3.0)
    cocaine (0.5.2)
      climate_control (>= 0.0.3, < 1.0)
    colorize (0.6.0)
    daemons (1.1.9)
    eventmachine (1.0.3)
    faraday (0.8.8)
      multipart-post (~> 1.2.0)
    github_api (0.10.2)
      addressable
      faraday (~> 0.8.7)
      hashie (>= 1.2)
      multi_json (~> 1.4)
      nokogiri (~> 1.6.0)
      oauth2
    hashie (2.0.5)
    highline (1.6.19)
    hipchat-api (1.0.5)
      httparty
    httparty (0.11.0)
      multi_json (~> 1.0)
      multi_xml (>= 0.5.2)
    httpauth (0.2.0)
    i18n (0.6.5)
    jwt (0.1.8)
      multi_json (>= 1.5)
    lita (2.4.0)
      bundler (~> 1.3)
      faraday (~> 0.8.7)
      multi_json (~> 1.7.7)
      rack (~> 1.5.2)
      redis-namespace (~> 1.3.0)
      thin (~> 1.5.1)
      thor (~> 0.18.1)
    lita-excuses (0.0.3)
      lita (~> 2.2)
      nokogiri
    lita-hipchat (1.0.1)
      lita (~> 2.0)
      xmpp4r (~> 0.5)
    lita-karma (1.2.0)
      lita (~> 2.0)
    lita-whois (0.0.5)
      cocaine
      lita (~> 2.4)
    mini_portile (0.5.1)
    minitest (4.7.5)
    multi_json (1.7.9)
    multi_xml (0.5.5)
    multipart-post (1.2.0)
    nokogiri (1.6.0)
      mini_portile (~> 0.5.0)
    oauth2 (0.9.2)
      faraday (~> 0.8)
      httpauth (~> 0.2)
      jwt (~> 0.1.4)
      multi_json (~> 1.0)
      multi_xml (~> 0.5)
      rack (~> 1.2)
    rack (1.5.2)
    redis (3.0.4)
    redis-namespace (1.3.1)
      redis (~> 3.0.0)
    thin (1.5.1)
      daemons (>= 1.0.9)
      eventmachine (>= 0.12.6)
      rack (>= 1.0.0)
    thor (0.18.1)
    thread_safe (0.1.3)
      atomic
    tzinfo (0.3.37)
    xmpp4r (0.5)

PLATFORMS
  ruby

DEPENDENCIES
  lita
  lita-excuses
  lita-hipchat
  lita-karma
  lita-whois
  orchard!
